GEM
  remote: http://ruby.taobao.org/
  specs:
    json (1.7.7)
    jsonpath (0.5.2)
      multi_json
    liquid (2.3.0)
    mime-types (1.23)
    minitest (2.5.1)
    multi_json (1.7.3)
    rack (1.4.5)
    rack-protection (1.5.0)
      rack
    rake (0.9.6)
    rest-client (1.6.7)
      mime-types (>= 1.16)
    rmagick (2.13.2)
    sinatra (1.3.6)
      rack (~> 1.4)
      rack-protection (~> 1.3)
      tilt (~> 1.3, >= 1.3.3)
    tilt (1.4.1)

PLATFORMS
  ruby

DEPENDENCIES
  json (~> 1.7.7)
  jsonpath (~> 0.5.2)
  liquid (~> 2.3.0)
  minitest (~> 2.5.1)
  rack (~> 1.4.1)
  rake (~> 0.9)
  rest-client (~> 1.6.5)
  rmagick (~> 2.13.2)
  sinatra (~> 1.3.5)
