GEM
  remote: http://ruby.taobao.org/
  specs:
    jenkins-remote-api (0.0.4)
      libxml-ruby (~> 2.2.2)
      mechanize (~> 2.0.1)
      terminal-table
      thor
    json (1.7.7)
    libxml-ruby (2.2.2)
    liquid (2.3.0)
    mechanize (2.0.1)
      net-http-digest_auth (~> 1.1, >= 1.1.1)
      net-http-persistent (~> 1.8)
      nokogiri (~> 1.4)
      webrobots (~> 0.0, >= 0.0.9)
    mime-types (1.23)
    net-http-digest_auth (1.3)
    net-http-persistent (1.9)
    nokogiri (1.5.9)
    rack (1.4.5)
    rack-protection (1.5.0)
      rack
    rake (0.9.6)
    rest-client (1.6.7)
      mime-types (>= 1.16)
    rmagick (2.13.2)
    sinatra (1.3.6)
      rack (~> 1.4)
      rack-protection (~> 1.3)
      tilt (~> 1.3, >= 1.3.3)
    terminal-table (1.4.5)
    thor (0.18.1)
    tilt (1.4.1)
    webrobots (0.1.1)

PLATFORMS
  ruby

DEPENDENCIES
  jenkins-remote-api
  json
  liquid (~> 2.3.0)
  rack (~> 1.4.1)
  rake (~> 0.9)
  rest-client (~> 1.6.5)
  rmagick (~> 2.13.2)
  sinatra (~> 1.3.5)
